GEM
  remote: http://rubygems.org/
  specs:
    flickraw (0.9.6)
    livejournal (0.3.8)
    rake (12.3.3)

PLATFORMS
  ruby

DEPENDENCIES
  flickraw
  livejournal
  rake
